GEM
  remote: https://rubygems.org/
  specs:
    mini_portile2 (2.5.0)
    nokogiri (1.11.0)
      mini_portile2 (~> 2.5.0)
      racc (~> 1.4)
    nokogiri (1.11.0-x64-mingw32)
      racc (~> 1.4)
    racc (1.5.2)

PLATFORMS
  ruby
  x64-mingw32

DEPENDENCIES
  nokogiri (~> 1.11)

BUNDLED WITH
   2.1.4
